GEM
  remote: https://rubygems.org/
  specs:
    actioncable (7.2.1.1)
      actionpack (= 7.2.1.1)
      activesupport (= 7.2.1.1)
      nio4r (~> 2.0)
      websocket-driver (>= 0.6.1)
      zeitwerk (~> 2.6)
    actionmailbox (7.2.1.1)
      actionpack (= 7.2.1.1)
      activejob (= 7.2.1.1)
      activerecord (= 7.2.1.1)
      activestorage (= 7.2.1.1)
      activesupport (= 7.2.1.1)
      mail (>= 2.8.0)
    actionmailer (7.2.1.1)
      actionpack (= 7.2.1.1)
      actionview (= 7.2.1.1)
      activejob (= 7.2.1.1)
      activesupport (= 7.2.1.1)
      mail (>= 2.8.0)
      rails-dom-testing (~> 2.2)
    actionpack (7.2.1.1)
      actionview (= 7.2.1.1)
      activesupport (= 7.2.1.1)
      nokogiri (>= 1.8.5)
      racc
      rack (>= 2.2.4, < 3.2)
      rack-session (>= 1.0.1)
      rack-test (>= 0.6.3)
      rails-dom-testing (~> 2.2)
      rails-html-sanitizer (~> 1.6)
      useragent (~> 0.16)
    actiontext (7.2.1.1)
      actionpack (= 7.2.1.1)
      activerecord (= 7.2.1.1)
      activestorage (= 7.2.1.1)
      activesupport (= 7.2.1.1)
      globalid (>= 0.6.0)
      nokogiri (>= 1.8.5)
    actionview (7.2.1.1)
      activesupport (= 7.2.1.1)
      builder (~> 3.1)
      erubi (~> 1.11)
      rails-dom-testing (~> 2.2)
      rails-html-sanitizer (~> 1.6)
    activejob (7.2.1.1)
      activesupport (= 7.2.1.1)
      globalid (>= 0.3.6)
    activemodel (7.2.1.1)
      activesupport (= 7.2.1.1)
    activerecord (7.2.1.1)
      activemodel (= 7.2.1.1)
      activesupport (= 7.2.1.1)
      timeout (>= 0.4.0)
    activestorage (7.2.1.1)
      actionpack (= 7.2.1.1)
      activejob (= 7.2.1.1)
      activerecord (= 7.2.1.1)
      activesupport (= 7.2.1.1)
      marcel (~> 1.0)
    activesupport (7.2.1.1)
      base64
      bigdecimal
      concurrent-ruby (~> 1.0, >= 1.3.1)
      connection_pool (>= 2.2.5)
      drb
      i18n (>= 1.6, < 2)
      logger (>= 1.4.2)
      minitest (>= 5.1)
      securerandom (>= 0.3)
      tzinfo (~> 2.0, >= 2.0.5)
    amq-protocol (2.3.2)
    base64 (0.2.0)
    bcrypt (3.1.20)
    bigdecimal (3.1.8)
    bootsnap (1.18.4)
      msgpack (~> 1.2)
    builder (3.3.0)
    bunny (2.23.0)
      amq-protocol (~> 2.3, >= 2.3.1)
      sorted_set (~> 1, >= 1.0.2)
    coderay (1.1.3)
    concurrent-ruby (1.3.4)
    connection_pool (2.5.0)
    crass (1.0.6)
    csv (3.3.2)
    date (3.3.4)
    dotenv (3.1.4)
    drb (2.2.1)
    erubi (1.13.0)
    globalid (1.2.1)
      activesupport (>= 6.1)
    httparty (0.22.0)
      csv
      mini_mime (>= 1.0.0)
      multi_xml (>= 0.5.2)
    i18n (1.14.6)
      concurrent-ruby (~> 1.0)
    io-console (0.7.2)
    irb (1.14.1)
      rdoc (>= 4.0.0)
      reline (>= 0.4.2)
    logger (1.6.5)
    loofah (2.22.0)
      crass (~> 1.0.2)
      nokogiri (>= 1.12.0)
    mail (2.8.1)
      mini_mime (>= 0.1.1)
      net-imap
      net-pop
      net-smtp
    marcel (1.0.4)
    method_source (1.1.0)
    mini_mime (1.1.5)
    minitest (5.25.1)
    msgpack (1.7.3)
    multi_xml (0.7.1)
      bigdecimal (~> 3.1)
    net-imap (0.5.0)
      date
      net-protocol
    net-pop (0.1.2)
      net-protocol
    net-protocol (0.2.2)
      timeout
    net-smtp (0.5.0)
      net-protocol
    nio4r (2.7.3)
    nokogiri (1.16.7-aarch64-linux)
      racc (~> 1.4)
    nokogiri (1.16.7-arm-linux)
      racc (~> 1.4)
    nokogiri (1.16.7-arm64-darwin)
      racc (~> 1.4)
    nokogiri (1.16.7-x86-linux)
      racc (~> 1.4)
    nokogiri (1.16.7-x86_64-darwin)
      racc (~> 1.4)
    nokogiri (1.16.7-x86_64-linux)
      racc (~> 1.4)
    pg (1.5.8)
    pry (0.14.2)
      coderay (~> 1.1)
      method_source (~> 1.0)
    psych (5.1.2)
      stringio
    puma (6.4.3)
      nio4r (~> 2.0)
    racc (1.8.1)
    rack (3.1.8)
    rack-cors (2.0.2)
      rack (>= 2.0.0)
    rack-session (2.0.0)
      rack (>= 3.0.0)
    rack-test (2.1.0)
      rack (>= 1.3)
    rackup (2.1.0)
      rack (>= 3)
      webrick (~> 1.8)
    rails (7.2.1.1)
      actioncable (= 7.2.1.1)
      actionmailbox (= 7.2.1.1)
      actionmailer (= 7.2.1.1)
      actionpack (= 7.2.1.1)
      actiontext (= 7.2.1.1)
      actionview (= 7.2.1.1)
      activejob (= 7.2.1.1)
      activemodel (= 7.2.1.1)
      activerecord (= 7.2.1.1)
      activestorage (= 7.2.1.1)
      activesupport (= 7.2.1.1)
      bundler (>= 1.15.0)
      railties (= 7.2.1.1)
    rails-dom-testing (2.2.0)
      activesupport (>= 5.0.0)
      minitest
      nokogiri (>= 1.6)
    rails-html-sanitizer (1.6.0)
      loofah (~> 2.21)
      nokogiri (~> 1.14)
    railties (7.2.1.1)
      actionpack (= 7.2.1.1)
      activesupport (= 7.2.1.1)
      irb (~> 1.13)
      rackup (>= 1.0.0)
      rake (>= 12.2)
      thor (~> 1.0, >= 1.2.2)
      zeitwerk (~> 2.6)
    rake (13.2.1)
    rbtree (0.4.6)
    rdoc (6.7.0)
      psych (>= 4.0.0)
    redis (5.3.0)
      redis-client (>= 0.22.0)
    redis-client (0.23.2)
      connection_pool
    reline (0.5.10)
      io-console (~> 0.5)
    securerandom (0.3.1)
    serverengine (2.0.7)
      sigdump (~> 0.2.2)
    set (1.1.1)
    sidekiq (7.3.8)
      base64
      connection_pool (>= 2.3.0)
      logger
      rack (>= 2.2.4)
      redis-client (>= 0.22.2)
    sigdump (0.2.5)
    sneakers (2.11.0)
      bunny (~> 2.12)
      concurrent-ruby (~> 1.0)
      rake
      serverengine (~> 2.0.5)
      thor
    sorted_set (1.0.3)
      rbtree
      set (~> 1.0)
    stringio (3.1.1)
    thor (1.3.2)
    timeout (0.4.1)
    tzinfo (2.0.6)
      concurrent-ruby (~> 1.0)
    useragent (0.16.10)
    webrick (1.8.2)
    websocket-driver (0.7.6)
      websocket-extensions (>= 0.1.0)
    websocket-extensions (0.1.5)
    zeitwerk (2.7.0)

PLATFORMS
  aarch64-linux
  arm-linux
  arm64-darwin
  x86-linux
  x86_64-darwin
  x86_64-linux

DEPENDENCIES
  bcrypt (~> 3.1.7)
  bootsnap
  bunny
  dotenv
  httparty
  pg (~> 1.1)
  pry
  puma (>= 5.0)
  rack-cors
  rails (~> 7.2.1, >= 7.2.1.1)
  redis (>= 4.0.1)
  sidekiq
  sneakers
  tzinfo-data

BUNDLED WITH
   2.5.3
